GEM
  remote: https://rubygems.org/
  specs:
    ansi (1.4.3)
    builder (3.2.2)
    daemons (1.1.9)
    eventmachine (1.0.3)
    fakeredis (0.5.0)
      redis (~> 3.0)
    minitest (5.4.2)
    minitest-reporters (1.0.6)
      ansi
      builder
      minitest (>= 5.0)
      ruby-progressbar
    mothereffing_bases (1.1.0)
    rack (1.5.2)
    rack-protection (1.5.3)
      rack
    rack-test (0.6.2)
      rack (>= 1.0)
    rake (10.3.2)
    redis (3.1.0)
    ruby-progressbar (1.6.0)
    sinatra (1.4.5)
      rack (~> 1.4)
      rack-protection (~> 1.4)
      tilt (~> 1.3, >= 1.3.4)
    thin (1.6.2)
      daemons (>= 1.0.9)
      eventmachine (>= 1.0.0)
      rack (>= 1.0.0)
    tilt (1.4.1)

PLATFORMS
  ruby

DEPENDENCIES
  fakeredis
  minitest (~> 5)
  minitest-reporters (~> 1)
  mothereffing_bases (~> 1)
  rack-test
  rake
  redis
  sinatra
  thin
