GIT
  remote: git://github.com/whatyouhide/bases.git
  revision: d03c8a49e2733b80824d06454dd0e9383d6eca6e
  specs:
    bases (1.0.1)

GIT
  remote: git://github.com/whatyouhide/rack-domain.git
  revision: 47bb1f706b48cbce1ad026293e6c53f5acd5fa5e
  specs:
    rack-domain (1.0.0)
      rack (>= 1.5)

GEM
  remote: https://rubygems.org/
  specs:
    ansi (1.4.3)
    backports (3.6.3)
    builder (3.2.2)
    capistrano (3.2.1)
      i18n
      rake (>= 10.0.0)
      sshkit (~> 1.3)
    capistrano-bundler (1.1.3)
      capistrano (~> 3.1)
      sshkit (~> 1.2)
    capistrano-rvm (0.1.2)
      capistrano (~> 3.0)
      sshkit (~> 1.2)
    chronic (0.10.2)
    coderay (1.1.0)
    colorize (0.7.3)
    i18n (0.6.11)
    method_source (0.8.2)
    minitest (5.4.2)
    minitest-reporters (1.0.6)
      ansi
      builder
      minitest (>= 5.0)
      ruby-progressbar
    multi_json (1.10.1)
    net-scp (1.2.1)
      net-ssh (>= 2.6.5)
    net-ssh (2.9.1)
    pry (0.10.1)
      coderay (~> 1.1.0)
      method_source (~> 0.8.1)
      slop (~> 3.4)
    rack (1.5.2)
    rack-protection (1.5.3)
      rack
    rack-test (0.6.2)
      rack (>= 1.0)
    rake (10.3.2)
    redis (3.1.0)
    ruby-progressbar (1.6.0)
    sinatra (1.4.5)
      rack (~> 1.4)
      rack-protection (~> 1.4)
      tilt (~> 1.3, >= 1.3.4)
    sinatra-contrib (1.4.2)
      backports (>= 2.0)
      multi_json
      rack-protection
      rack-test
      sinatra (~> 1.4.0)
      tilt (~> 1.3)
    sinatra-cross_origin (0.3.2)
    slop (3.6.0)
    sshkit (1.5.1)
      colorize
      net-scp (>= 1.1.2)
      net-ssh (>= 2.8.0)
    tilt (1.4.1)
    whenever (0.9.3)
      chronic (>= 0.6.3)

PLATFORMS
  ruby

DEPENDENCIES
  bases!
  capistrano (~> 3.2)
  capistrano-bundler (~> 1.1)
  capistrano-rvm (~> 0.1)
  minitest (~> 5)
  minitest-reporters (~> 1)
  pry
  rack-domain!
  rack-test
  rake
  redis (~> 3.1)
  sinatra
  sinatra-contrib
  sinatra-cross_origin
  whenever (~> 0.9)
